PATH
  remote: .
  specs:
    rack-restful_submit (1.1.2)
      rack (= 1.1.0)

GEM
  remote: http://rubygems.org/
  specs:
    rack (1.1.0)
    rspec (1.3.0)

PLATFORMS
  ruby

DEPENDENCIES
  rack (= 1.1.0)
  rack-restful_submit!
  rspec (= 1.3.0)
